GEM
  remote: http://rubygems.org/
  specs:
    activesupport (3.2.6)
      i18n (~> 0.6)
      multi_json (~> 1.0)
    ansi (1.4.3)
    foreman (0.51.0)
      thor (>= 0.13.6)
    gsl (1.14.7)
      narray (>= 0.5.9)
    i18n (0.6.0)
    json (1.7.3)
    multi_json (1.3.6)
    narray (0.6.0.1)
    tempodb (0.3.0)
      json
    thor (0.15.4)
    turn (0.9.6)
      ansi

PLATFORMS
  ruby

DEPENDENCIES
  activesupport
  foreman
  gsl
  tempodb
  turn
